GEM
  remote: https://rubygems.org/
  specs:
    chunky_png (1.3.11)
    climate_control (0.2.0)
    cocaine (0.6.0)
      terrapin (= 0.6.0)
    color (1.8)
    curb (0.9.10)
    hue (0.2.0)
      curb
      json
      log_switch (= 0.4.0)
      thor
    json (2.2.0)
    log_switch (0.4.0)
    mini_portile2 (2.4.0)
    miro (0.4.0)
      chunky_png
      cocaine
      color
      oily_png
    nokogiri (1.10.8)
      mini_portile2 (~> 2.4.0)
    oily_png (1.2.1)
      chunky_png (~> 1.3.7)
    terrapin (0.6.0)
      climate_control (>= 0.0.3, < 1.0)
    thor (0.20.3)

PLATFORMS
  ruby

DEPENDENCIES
  color
  hue
  miro
  nokogiri (>= 1.10.5)

BUNDLED WITH
   1.17.3
